GEM
  remote: http://rubygems.org/
  specs:
    rack (2.2.3)
    rulers (0.1.0)
      rack

PLATFORMS
  ruby

DEPENDENCIES
  rulers

BUNDLED WITH
   2.1.4
